PATH
  remote: .
  specs:
    bigbluebutton_rails (2.3.0)
      activerecord-import (~> 1.0)
      bigbluebutton-api-ruby (~> 1.6)
      browser (~> 0.8.0)
      rails (>= 4.0.0)
      resque (~> 1.25.1)
      resque-scheduler (~> 3.0)

GEM
  remote: http://rubygems.org/
  specs:
    actionmailer (4.1.14.2)
      actionpack (= 4.1.14.2)
      actionview (= 4.1.14.2)
      mail (~> 2.5, >= 2.5.4)
    actionpack (4.1.14.2)
      actionview (= 4.1.14.2)
      activesupport (= 4.1.14.2)
      rack (~> 1.5.2)
      rack-test (~> 0.6.2)
    actionview (4.1.14.2)
      activesupport (= 4.1.14.2)
      builder (~> 3.1)
      erubis (~> 2.7.0)
    activemodel (4.1.14.2)
      activesupport (= 4.1.14.2)
      builder (~> 3.1)
    activerecord (4.1.14.2)
      activemodel (= 4.1.14.2)
      activesupport (= 4.1.14.2)
      arel (~> 5.0.0)
    activerecord-import (1.0.2)
      activerecord (>= 3.2)
    activesupport (4.1.14.2)
      i18n (~> 0.6, >= 0.6.9)
      json (~> 1.7, >= 1.7.7)
      minitest (~> 5.1)
      thread_safe (~> 0.1)
      tzinfo (~> 1.1)
    addressable (2.3.6)
    arel (5.0.1.20140414130214)
    awesome_print (1.2.0)
    bigbluebutton-api-ruby (1.7.0)
      xml-simple (~> 1.1)
    browser (0.8.0)
    builder (3.2.2)
    capybara (2.2.1)
      mime-types (>= 1.16)
      nokogiri (>= 1.3.3)
      rack (>= 1.0.0)
      rack-test (>= 0.5.4)
      xpath (~> 2.0)
    capybara-mechanize (1.0.1)
      capybara (~> 2.0, >= 2.0.1)
      mechanize (~> 2.5)
    capybara-webkit (1.2.0)
      capybara (>= 2.0.2, < 2.4.0)
      json
    code_analyzer (0.4.5)
      sexp_processor
    coffee-rails (4.0.1)
      coffee-script (>= 2.2.0)
      railties (>= 4.0.0, < 5.0)
    coffee-script (2.3.0)
      coffee-script-source
      execjs
    coffee-script-source (1.7.1)
    colored (1.2)
    crack (0.4.2)
      safe_yaml (~> 1.0.0)
    cucumber (1.3.15)
      builder (>= 2.1.2)
      diff-lcs (>= 1.1.3)
      gherkin (~> 2.12)
      multi_json (>= 1.7.5, < 2.0)
      multi_test (>= 0.1.1)
    cucumber-rails (1.4.1)
      capybara (>= 1.1.2, < 3)
      cucumber (>= 1.3.8, < 2)
      mime-types (~> 1.16)
      nokogiri (~> 1.5)
      rails (>= 3, < 5)
    database_cleaner (1.3.0)
    diff-lcs (1.2.5)
    docile (1.1.5)
    domain_name (0.5.19)
      unf (>= 0.0.5, < 1.0.0)
    erubis (2.7.0)
    execjs (2.2.1)
    factory_girl (4.4.0)
      activesupport (>= 3.0.0)
    fakeredis (0.5.0)
      redis (~> 3.0)
    ffi (1.9.3-java)
    forgery (0.6.0)
    generator_spec (0.9.2)
      activesupport (>= 3.0.0)
      railties (>= 3.0.0)
    gherkin (2.12.2)
      multi_json (~> 1.3)
    gherkin (2.12.2-java)
      multi_json (~> 1.3)
    hike (1.2.3)
    http-cookie (1.0.2)
      domain_name (~> 0.5)
    i18n (0.6.11)
    jquery-rails (2.3.0)
      railties (>= 3.0, < 5.0)
      thor (>= 0.14, < 2.0)
    json (1.8.1)
    json (1.8.1-java)
    launchy (2.4.2)
      addressable (~> 2.3)
    launchy (2.4.2-java)
      addressable (~> 2.3)
      spoon (~> 0.0.1)
    libv8 (3.16.14.3)
    mail (2.5.4)
      mime-types (~> 1.16)
      treetop (~> 1.4.8)
    mechanize (2.7.2)
      domain_name (~> 0.5, >= 0.5.1)
      http-cookie (~> 1.0.0)
      mime-types (~> 1.17, >= 1.17.2)
      net-http-digest_auth (~> 1.1, >= 1.1.1)
      net-http-persistent (~> 2.5, >= 2.5.2)
      nokogiri (~> 1.4)
      ntlm-http (~> 0.1, >= 0.1.1)
      webrobots (>= 0.0.9, < 0.2)
    mime-types (1.25.1)
    mini_portile (0.6.0)
    minitest (5.4.0)
    mono_logger (1.1.0)
    multi_json (1.10.1)
    multi_test (0.1.1)
    mysql2 (0.3.18)
    net-http-digest_auth (1.4)
    net-http-persistent (2.9.4)
    nokogiri (1.6.2.1)
      mini_portile (= 0.6.0)
    nokogiri (1.6.2.1-java)
    ntlm-http (0.1.1)
    polyglot (0.3.5)
    rabl (0.10.1)
      activesupport (>= 2.3.14)
    rack (1.5.5)
    rack-protection (1.5.5)
      rack
    rack-test (0.6.2)
      rack (>= 1.0)
    rails (4.1.14.2)
      actionmailer (= 4.1.14.2)
      actionpack (= 4.1.14.2)
      actionview (= 4.1.14.2)
      activemodel (= 4.1.14.2)
      activerecord (= 4.1.14.2)
      activesupport (= 4.1.14.2)
      bundler (>= 1.3.0, < 2.0)
      railties (= 4.1.14.2)
      sprockets-rails (~> 2.0)
    rails_best_practices (1.15.4)
      activesupport
      awesome_print
      code_analyzer (>= 0.4.3)
      colored
      erubis
      i18n
      json
      require_all
      ruby-progressbar
    railties (4.1.14.2)
      actionpack (= 4.1.14.2)
      activesupport (= 4.1.14.2)
      rake (>= 0.8.7)
      thor (>= 0.18.1, < 2.0)
    rake (10.3.2)
    rdoc (4.1.1)
      json (~> 1.4)
    redis (3.1.0)
    redis-namespace (1.6.0)
      redis (>= 3.0.4)
    ref (1.0.5)
    require_all (1.3.2)
    resque (1.25.2)
      mono_logger (~> 1.0)
      multi_json (~> 1.0)
      redis-namespace (~> 1.3)
      sinatra (>= 0.9.2)
      vegas (~> 0.1.2)
    resque-scheduler (3.1.0)
      mono_logger (~> 1.0)
      redis (~> 3.0)
      resque (~> 1.25)
      rufus-scheduler (~> 2.0)
    rspec-activemodel-mocks (1.0.1)
      activemodel (>= 3.0)
      activesupport (>= 3.0)
      rspec-mocks (>= 2.99, < 4.0)
    rspec-collection_matchers (1.0.0)
      rspec-expectations (>= 2.99.0.beta1)
    rspec-core (2.99.1)
    rspec-expectations (2.99.1)
      diff-lcs (>= 1.1.3, < 2.0)
    rspec-mocks (2.99.1)
    rspec-rails (2.99.0)
      actionpack (>= 3.0)
      activemodel (>= 3.0)
      activesupport (>= 3.0)
      railties (>= 3.0)
      rspec-collection_matchers
      rspec-core (~> 2.99.0)
      rspec-expectations (~> 2.99.0)
      rspec-mocks (~> 2.99.0)
    ruby-progressbar (1.5.1)
    rufus-scheduler (2.0.24)
      tzinfo (>= 0.3.22)
    safe_yaml (1.0.4)
    sass (3.2.19)
    sass-rails (4.0.3)
      railties (>= 4.0.0, < 5.0)
      sass (~> 3.2.0)
      sprockets (~> 2.8, <= 2.11.0)
      sprockets-rails (~> 2.0)
    sexp_processor (4.4.3)
    shoulda-matchers (2.6.1)
      activesupport (>= 3.0.0)
    simplecov (0.8.2)
      docile (~> 1.1.0)
      multi_json
      simplecov-html (~> 0.8.0)
    simplecov-html (0.8.0)
    sinatra (1.4.8)
      rack (~> 1.5)
      rack-protection (~> 1.4)
      tilt (>= 1.3, < 3)
    spoon (0.0.4)
      ffi
    sprockets (2.11.0)
      hike (~> 1.2)
      multi_json (~> 1.0)
      rack (~> 1.0)
      tilt (~> 1.1, != 1.3.0)
    sprockets-rails (2.1.3)
      actionpack (>= 3.0)
      activesupport (>= 3.0)
      sprockets (~> 2.8)
    therubyracer (0.12.1)
      libv8 (~> 3.16.14.0)
      ref
    thor (0.19.1)
    thread_safe (0.3.4)
    thread_safe (0.3.4-java)
    tilt (1.4.1)
    timecop (0.9.1)
    treetop (1.4.15)
      polyglot
      polyglot (>= 0.3.1)
    tzinfo (1.2.1)
      thread_safe (~> 0.1)
    uglifier (2.5.1)
      execjs (>= 0.3.0)
      json (>= 1.8.0)
    unf (0.1.4)
      unf_ext
    unf (0.1.4-java)
    unf_ext (0.0.6)
    vegas (0.1.11)
      rack (>= 1.0.0)
    webmock (1.21.0)
      addressable (>= 2.3.6)
      crack (>= 0.3.2)
    webrobots (0.1.1)
    xml-simple (1.1.5)
    xpath (2.0.0)
      nokogiri (~> 1.3)

PLATFORMS
  java
  ruby

DEPENDENCIES
  activerecord-import
  bigbluebutton_rails!
  capybara (~> 2.2.0)
  capybara-mechanize
  capybara-webkit
  coffee-rails (~> 4.0.0)
  cucumber-rails
  database_cleaner
  factory_girl
  fakeredis
  forgery
  generator_spec
  jquery-rails
  launchy
  minitest
  mysql2
  rabl
  rails_best_practices
  rdoc
  rspec-activemodel-mocks
  rspec-rails (~> 2.99.0)
  sass-rails (~> 4.0.0)
  shoulda-matchers (~> 2.6.1)
  simplecov (>= 0.4.0)
  therubyracer (~> 0.12.0)
  timecop
  uglifier (>= 1.0.3)
  webmock
